GEM
  remote: http://rubygems.org/
  specs:
    json-stream (0.1.2)
    json_pure (1.6.4)
    libxml-ruby (2.2.2)
    mime-types (1.17.2)
    netrc (0.5)
    rest-client (1.6.7)
      mime-types (>= 1.16)

PLATFORMS
  ruby

DEPENDENCIES
  json-stream (~> 0.1.2)
  json_pure (~> 1.6.4)
  libxml-ruby (~> 2.2.2)
  netrc (~> 0.5)
  rest-client (~> 1.6.7)
