GEM
  remote: http://rubygems.org/
  specs:
    json-stream (0.1.2)
    json_pure (1.6.4)
    libxml-ruby (2.2.2)
    macaddr (1.5.0)
      systemu (>= 2.4.0)
    mime-types (1.17.2)
    netrc (0.5)
    rest-client (1.6.7)
      mime-types (>= 1.16)
    systemu (2.4.2)
    uuid (2.3.4)
      macaddr (~> 1.0)

PLATFORMS
  ruby

DEPENDENCIES
  json-stream (~> 0.1.2)
  json_pure (~> 1.6.4)
  libxml-ruby (~> 2.2.2)
  netrc (~> 0.5)
  rest-client (~> 1.6.7)
  uuid (~> 2.3.4)
